PATH
  remote: .
  specs:
    ffi-compiler (1.2.0)
      ffi (>= 1.0.0)
      rake

GEM
  remote: https://rubygems.org/
  specs:
    diff-lcs (1.5.0)
    ffi (1.15.5)
    io-console (0.6.0)
    irb (1.6.4)
      reline (>= 0.3.0)
    rake (13.0.6)
    reline (0.3.3)
      io-console (~> 0.5)
    rspec (3.12.0)
      rspec-core (~> 3.12.0)
      rspec-expectations (~> 3.12.0)
      rspec-mocks (~> 3.12.0)
    rspec-core (3.12.2)
      rspec-support (~> 3.12.0)
    rspec-expectations (3.12.3)
      diff-lcs (>= 1.2.0, < 2.0)
      rspec-support (~> 3.12.0)
    rspec-mocks (3.12.5)
      diff-lcs (>= 1.2.0, < 2.0)
      rspec-support (~> 3.12.0)
    rspec-support (3.12.0)
    rubygems-tasks (0.2.5)
      irb (~> 1.0)

PLATFORMS
  x86_64-linux

DEPENDENCIES
  ffi-compiler!
  rspec
  rubygems-tasks

BUNDLED WITH
   2.4.12
