PATH
  remote: .
  specs:
    ffi-compiler (1.3.0)
      ffi (>= 1.15.5)
      rake

GEM
  remote: https://rubygems.org/
  specs:
    diff-lcs (1.5.1)
    ffi (1.16.3)
    io-console (0.7.2)
    irb (1.12.0)
      rdoc
      reline (>= 0.4.2)
    psych (5.1.2)
      stringio
    rake (13.1.0)
    rdoc (6.6.2)
      psych (>= 4.0.0)
    reline (0.4.3)
      io-console (~> 0.5)
    rspec (3.13.0)
      rspec-core (~> 3.13.0)
      rspec-expectations (~> 3.13.0)
      rspec-mocks (~> 3.13.0)
    rspec-core (3.13.0)
      rspec-support (~> 3.13.0)
    rspec-expectations (3.13.0)
      diff-lcs (>= 1.2.0, < 2.0)
      rspec-support (~> 3.13.0)
    rspec-mocks (3.13.0)
      diff-lcs (>= 1.2.0, < 2.0)
      rspec-support (~> 3.13.0)
    rspec-support (3.13.1)
    rubygems-tasks (0.2.6)
      irb (~> 1.0)
      rake (>= 10.0.0)
    stringio (3.1.0)

PLATFORMS
  x86_64-linux

DEPENDENCIES
  ffi-compiler!
  rspec
  rubygems-tasks

BUNDLED WITH
   2.5.6
